GIT
  remote: git://github.com/orthodoc/toto.git
  revision: 5847da2ca5950b129c4c330a1ce023051a4587b6
  specs:
    toto (0.4.9)
      builder
      rack
      rdiscount

GEM
  remote: http://rubygems.org/
  specs:
    addressable (2.2.6)
    builder (3.0.0)
    coderay (1.0.8)
    daemons (1.1.9)
    em-websocket (0.3.8)
      addressable (>= 2.1.1)
      eventmachine (>= 0.12.9)
    eventmachine (1.0.0)
    ffi (1.3.1)
    guard (1.6.1)
      listen (>= 0.6.0)
      lumberjack (>= 1.0.2)
      pry (>= 0.9.10)
      thor (>= 0.14.6)
    guard-livereload (1.1.3)
      em-websocket (>= 0.2.0)
      guard (>= 1.5.0)
      multi_json (~> 1.0)
    guard-sass (1.0.1)
      guard (>= 1.1.0)
      sass (>= 3.1)
    heroku (2.9.0)
      launchy (>= 0.3.2)
      rest-client (~> 1.6.1)
      rubyzip
      term-ansicolor (~> 1.0.5)
    launchy (2.0.5)
      addressable (~> 2.2.6)
    listen (0.7.2)
    lumberjack (1.0.2)
    method_source (0.8.1)
    mime-types (1.16)
    multi_json (1.5.0)
    pry (0.9.11.3)
      coderay (~> 1.0.5)
      method_source (~> 0.8)
      slop (~> 3.4)
    rack (1.4.4)
    rack-rewrite (1.3.3)
    rake (0.9.2)
    rb-inotify (0.8.8)
      ffi (>= 0.5.0)
    rdiscount (1.6.8)
    rest-client (1.6.7)
      mime-types (>= 1.16)
    rubyzip (0.9.4)
    sass (3.2.5)
    shotgun (0.9)
      rack (>= 1.0)
    slop (3.4.3)
    term-ansicolor (1.0.6)
    thin (1.5.0)
      daemons (>= 1.0.9)
      eventmachine (>= 0.12.6)
      rack (>= 1.0.0)
    thor (0.16.0)

PLATFORMS
  ruby

DEPENDENCIES
  builder
  guard
  guard-livereload
  guard-sass
  heroku
  rack-rewrite
  rake
  rb-inotify (~> 0.8.8)
  rdiscount
  sass (~> 3.2)
  shotgun
  thin
  toto!
