GIT
  remote: git://github.com/orthodoc/toto.git
  revision: 5847da2ca5950b129c4c330a1ce023051a4587b6
  specs:
    toto (0.4.9)
      builder
      rack
      rdiscount

GEM
  remote: http://rubygems.org/
  specs:
    addressable (2.2.6)
    builder (3.0.0)
    daemons (1.1.4)
    eventmachine (0.12.10)
    ffi (1.3.1)
    heroku (2.9.0)
      launchy (>= 0.3.2)
      rest-client (~> 1.6.1)
      rubyzip
      term-ansicolor (~> 1.0.5)
    launchy (2.0.5)
      addressable (~> 2.2.6)
    mime-types (1.16)
    rack (1.3.4)
    rack-rewrite (1.3.3)
    rake (0.9.2)
    rb-inotify (0.9.0)
      ffi (>= 0.5.0)
    rdiscount (1.6.8)
    rest-client (1.6.7)
      mime-types (>= 1.16)
    rubyzip (0.9.4)
    sass (3.1.10)
    term-ansicolor (1.0.6)
    thin (1.2.11)
      daemons (>= 1.0.9)
      eventmachine (>= 0.12.6)
      rack (>= 1.0.0)

PLATFORMS
  ruby

DEPENDENCIES
  builder
  heroku
  rack-rewrite
  rake
  rb-inotify
  rdiscount
  sass
  thin
  toto!
