PATH
  remote: /home/bdb/rails_apps/od_toto
  specs:
    toto (0.4.9)
      builder
      rack
      rdiscount

GEM
  remote: http://rubygems.org/
  specs:
    builder (3.0.0)
    rack (1.3.4)
    rdiscount (1.6.8)

PLATFORMS
  ruby

DEPENDENCIES
  builder
  rdiscount
  toto!
